GEM
  remote: https://rubygems.org/
  specs:
    ffi (1.9.10)
    os (1.0.0)
    wavefile (0.6.0)

PLATFORMS
  ruby

DEPENDENCIES
  ffi (~> 1.9.10)
  os (= 1.0.0)
  wavefile (~> 0.6.0)

BUNDLED WITH
   1.14.5
